PATH
  remote: .
  specs:
    split-off (1.0.0)

GEM
  remote: https://rubygems.org/
  specs:
    minitest (5.2.1)

PLATFORMS
  ruby

DEPENDENCIES
  bundler
  minitest
  split-off!
